GEM
  remote: https://rubygems.org/
  specs:

PLATFORMS
  ruby

DEPENDENCIES
  bundler

RUBY VERSION
   ruby 2.5.0p0

BUNDLED WITH
   1.16.1
